GEM
  remote: https://rubygems.org/
  specs:
    dotenv (2.7.5)
    mjml (0.0.8)
      tilt (>= 1.0.0)
    ruby_http_client (3.3.0)
    sendgrid-ruby (6.0.0)
      ruby_http_client (~> 3.3.0)
    tilt (2.0.10)

PLATFORMS
  ruby

DEPENDENCIES
  dotenv
  mjml
  sendgrid-ruby

RUBY VERSION
   ruby 2.5.0p0

BUNDLED WITH
   2.0.2
