GEM
  remote: https://rubygems.org/
  specs:
    dotenv (2.7.5)
    ruby_http_client (3.3.0)
    sendgrid-ruby (6.0.0)
      ruby_http_client (~> 3.3.0)

PLATFORMS
  ruby

DEPENDENCIES
  dotenv
  sendgrid-ruby

RUBY VERSION
   ruby 2.5.0p0

BUNDLED WITH
   2.0.1
